PATH
  remote: .
  specs:
    chunky_png (0.9.0)

GEM
  remote: http://rubygems.org/
  specs:
    gemcutter (0.6.1)
    git (1.2.5)
    rake (0.8.7)
    rspec (1.3.0)

PLATFORMS
  ruby

DEPENDENCIES
  chunky_png!
  gemcutter
  git
  rake
  rspec (>= 1.3)
